GEM
  remote: https://rubygems.org/
  specs:
    erb (2.2.0)
    nio4r (2.5.4)
    puma (5.0.4)
      nio4r (~> 2.0)
    rack (2.2.3)

PLATFORMS
  ruby

DEPENDENCIES
  erb
  puma
  rack

RUBY VERSION
   ruby 2.7.2p137

BUNDLED WITH
   2.1.4
